GEM
  remote: https://rubygems.org/
  specs:
    breakpoint (2.7.1)
      sass (~> 3.3)
      sassy-maps (< 1.0.0)
    chunky_png (1.3.14)
    compass (1.0.3)
      chunky_png (~> 1.2)
      compass-core (~> 1.0.2)
      compass-import-once (~> 1.0.5)
      rb-fsevent (>= 0.9.3)
      rb-inotify (>= 0.9)
      sass (>= 3.3.13, < 3.5)
    compass-core (1.0.3)
      multi_json (~> 1.0)
      sass (>= 3.3.0, < 3.5)
    compass-import-once (1.0.5)
      sass (>= 3.2, < 3.5)
    compass-normalize (1.5)
      compass (>= 0.12.0)
    compass-rgbapng (0.2.1)
      chunky_png (>= 0.8.0)
      compass (>= 0.10.0)
    ffi (1.13.1)
    multi_json (1.15.0)
    rb-fsevent (0.10.4)
    rb-inotify (0.10.1)
      ffi (~> 1.0)
    sass (3.4.25)
    sass-globbing (1.1.5)
      sass (>= 3.1)
    sassy-maps (0.4.0)
      sass (~> 3.3)
    singularitygs (1.8.0)
      breakpoint (~> 2.4)
      sass (~> 3.3)
    susy (2.2.14)
      sass (>= 3.3.0, < 3.5)
    toolkit (2.10.2)
      sass (~> 3.3)

PLATFORMS
  ruby

DEPENDENCIES
  breakpoint (~> 2.7.1)
  compass-normalize (~> 1.5)
  compass-rgbapng (~> 0.2.1)
  sass-globbing (~> 1.1.5)
  singularitygs (~> 1.8.0)
  susy (~> 2.2.14)
  toolkit (~> 2.10.2)

BUNDLED WITH
   2.1.4
